GEM
  remote: http://rubygems.org/
  specs:
    geoip (1.1.1)
    git (1.2.5)
    jeweler (1.6.4)
      bundler (~> 1.0)
      git (>= 1.2.5)
      rake
    kafka-rb (0.0.6)
    metaclass (0.0.1)
    mocha (0.10.0)
      metaclass (~> 0.0.1)
    rake (0.9.2.2)
    rcov (0.9.11)
    rcov (0.9.11-java)
    redis (2.2.2)
    shoulda (2.11.3)

PLATFORMS
  java
  ruby

DEPENDENCIES
  bundler (~> 1.0.0)
  geoip
  jeweler (~> 1.6.4)
  kafka-rb (>= 0.0.6)
  mocha
  rcov
  redis
  shoulda
